GEM
  remote: https://rubygems.org/
  specs:
    materialize-sass (0.97.6)
      sass (~> 3.3)
    sass (3.4.22)

PLATFORMS
  ruby

DEPENDENCIES
  materialize-sass

RUBY VERSION
   ruby 2.2.3p173

BUNDLED WITH
   1.12.5
